PATH
  remote: .
  specs:
    simplyrets (0.1)
      addressable (>= 2.3.4)
      json (>= 1.8)
      typhoeus (>= 0.2.1)

GEM
  remote: http://rubygems.org/
  specs:
    addressable (2.3.7)
    ethon (0.7.3)
      ffi (>= 1.3.0)
    ffi (1.9.8)
    json (1.8.2)
    rake (10.4.2)
    typhoeus (0.7.1)
      ethon (>= 0.7.1)

PLATFORMS
  ruby

DEPENDENCIES
  bundler
  rake
  simplyrets!
